GEM
  remote: https://rubygems.org/
  specs:
    json (1.8.6)

PLATFORMS
  ruby

DEPENDENCIES
  json (~> 1.8, >= 1.8.3)

BUNDLED WITH
   1.16.4
